GEM
  remote: https://rubygems.org/
  specs:
    cheerio (0.0.2)
      i18n
    coderay (1.1.0)
    colorize (0.7.5)
    docile (1.1.5)
    i18n (0.7.0)
    method_source (0.8.2)
    minitest (5.4.3)
    multi_json (1.10.1)
    pry (0.10.1)
      coderay (~> 1.1.0)
      method_source (~> 0.8.1)
      slop (~> 3.4)
    simplecov (0.9.1)
      docile (~> 1.1.0)
      multi_json (~> 1.0)
      simplecov-html (~> 0.8.0)
    simplecov-html (0.8.0)
    slop (3.6.0)

PLATFORMS
  ruby

DEPENDENCIES
  cheerio
  colorize
  minitest
  pry
  simplecov
